GEM
  remote: https://rubygems.org/
  specs:
    bibtex-ruby (6.1.0)
      latex-decode (~> 0.0)
      racc (~> 1.7)
    faraday (2.10.0)
      faraday-net_http (>= 2.0, < 3.2)
      logger
    faraday-follow_redirects (0.1.0)
      faraday (>= 2, < 3)
    faraday-net_http (3.1.1)
      net-http
    faraday-retry (2.2.0)
      faraday (~> 2.0)
    latex-decode (0.4.0)
    logger (1.6.0)
    multi_json (1.15.0)
    net-http (0.4.1)
      uri
    racc (1.7.3)
    rexml (3.3.2)
      strscan
    serrano (1.4)
      faraday (~> 2.2)
      faraday-follow_redirects (~> 0.1.0)
      multi_json (~> 1.15)
      rexml (~> 3.2, >= 3.2.5)
      thor (~> 1.2, >= 1.2.1)
    strscan (3.1.0)
    thor (1.3.1)
    uri (0.13.0)

PLATFORMS
  ruby

DEPENDENCIES
  bibtex-ruby
  faraday
  faraday-retry
  serrano

BUNDLED WITH
   2.5.10
